PATH
  remote: .
  specs:
    jeweler (1.8.4)
      bundler (~> 1.0)
      git (>= 1.2.5)
      github_api (>= 0.8.1)
      highline (>= 1.6.15)
      rake
      rdoc

GEM
  remote: http://rubygems.org/
  remote: http://gems.github.com/
  specs:
    activesupport (2.3.18)
    addressable (2.3.4)
    bluecloth (2.2.0)
    builder (3.2.2)
    cucumber (1.1.9)
      builder (>= 2.1.2)
      diff-lcs (>= 1.1.2)
      gherkin (~> 2.9.0)
      json (>= 1.4.6)
      term-ansicolor (>= 1.0.6)
    diff-lcs (1.2.4)
    faraday (0.8.7)
      multipart-post (~> 1.1)
    gherkin (2.9.3)
      json (>= 1.4.6)
    git (1.2.5)
    github_api (0.10.1)
      addressable
      faraday (~> 0.8.1)
      hashie (>= 1.2)
      multi_json (~> 1.4)
      nokogiri (~> 1.5.2)
      oauth2
    hashie (2.0.5)
    highline (1.6.19)
    httpauth (0.2.0)
    json (1.8.0)
    jwt (0.1.8)
      multi_json (>= 1.5)
    metaclass (0.0.1)
    mhennemeyer-output_catcher (1.0.1)
    mocha (0.14.0)
      metaclass (~> 0.0.1)
    multi_json (1.7.6)
    multi_xml (0.5.4)
    multipart-post (1.2.0)
    nokogiri (1.5.10)
    oauth2 (0.9.1)
      faraday (~> 0.8)
      httpauth (~> 0.1)
      jwt (~> 0.1.4)
      multi_json (~> 1.0)
      multi_xml (~> 0.5)
      rack (~> 1.2)
    rack (1.5.2)
    rake (10.0.4)
    rdoc (4.0.1)
      json (~> 1.4)
    redgreen (1.2.2)
    rr (1.0.5)
    shoulda (3.0.1)
      shoulda-context (~> 1.0.0)
      shoulda-matchers (~> 1.0.0)
    shoulda-context (1.0.2)
    shoulda-matchers (1.0.0)
    term-ansicolor (1.2.2)
      tins (~> 0.8)
    test-construct (1.2.0)
    timecop (0.6.1)
    tins (0.8.0)
    yard (0.7.5)

PLATFORMS
  ruby

DEPENDENCIES
  activesupport (~> 2.3.5)
  bluecloth
  builder
  bundler (~> 1.0)
  cucumber (~> 1.1.4)
  git (>= 1.2.5)
  github_api (>= 0.8.1)
  highline (>= 1.6.15)
  jeweler!
  mhennemeyer-output_catcher
  mocha
  rake
  rdoc
  redgreen
  rr (~> 1.0.4)
  shoulda
  test-construct
  timecop
  yard (~> 0.7.4)
